GEM
  remote: https://rubygems.org/
  specs:
    actionmailer (3.2.13)
      actionpack (= 3.2.13)
      mail (~> 2.5.3)
    actionpack (3.2.13)
      activemodel (= 3.2.13)
      activesupport (= 3.2.13)
      builder (~> 3.0.0)
      erubis (~> 2.7.0)
      journey (~> 1.0.4)
      rack (~> 1.4.5)
      rack-cache (~> 1.2)
      rack-test (~> 0.6.1)
      sprockets (~> 2.2.1)
    activemodel (3.2.13)
      activesupport (= 3.2.13)
      builder (~> 3.0.0)
    activerecord (3.2.13)
      activemodel (= 3.2.13)
      activesupport (= 3.2.13)
      arel (~> 3.0.2)
      tzinfo (~> 0.3.29)
    activeresource (3.2.13)
      activemodel (= 3.2.13)
      activesupport (= 3.2.13)
    activesupport (3.2.13)
      i18n (= 0.6.1)
      multi_json (~> 1.0)
    arel (3.0.2)
    awesome_print (1.1.0)
    better_errors (0.9.0)
      coderay (>= 1.0.0)
      erubis (>= 2.6.6)
    binding_of_caller (0.7.2)
      debug_inspector (>= 0.0.1)
    builder (3.0.0)
    callsite (0.0.11)
    capybara (2.1.0)
      mime-types (>= 1.16)
      nokogiri (>= 1.3.3)
      rack (>= 1.0.0)
      rack-test (>= 0.5.4)
      xpath (~> 2.0)
    childprocess (0.3.9)
      ffi (~> 1.0, >= 1.0.11)
    coderay (1.0.9)
    columnize (0.3.6)
    coolline (0.4.2)
    database_cleaner (1.0.1)
    debug_inspector (0.0.2)
    debugger (1.6.0)
      columnize (>= 0.3.1)
      debugger-linecache (~> 1.2.0)
      debugger-ruby_core_source (~> 1.2.1)
    debugger-linecache (1.2.0)
    debugger-ruby_core_source (1.2.3)
    diff-lcs (1.2.4)
    diffy (2.1.4)
    erubis (2.7.0)
    fastercsv (1.5.5)
    ffi (1.9.0)
    grit (2.5.0)
      diff-lcs (~> 1.1)
      mime-types (~> 1.15)
      posix-spawn (~> 0.3.6)
    hike (1.2.3)
    hirb (0.7.1)
    i18n (0.6.1)
    jazz_hands (0.5.1)
      awesome_print (~> 1.1.0)
      coderay (~> 1.0.9)
      coolline (>= 0.4.2)
      hirb (~> 0.7.1)
      pry (~> 0.9.12)
      pry-debugger (~> 0.2.2)
      pry-doc (~> 0.4.6)
      pry-git (~> 0.2.3)
      pry-rails (~> 0.3.1)
      pry-remote (>= 0.1.7)
      pry-stack_explorer (~> 0.4.9)
      railties (>= 3.0, < 5.0)
    journey (1.0.4)
    jquery-rails (2.0.3)
      railties (>= 3.1.0, < 5.0)
      thor (~> 0.14)
    json (1.8.0)
    mail (2.5.4)
      mime-types (~> 1.16)
      treetop (~> 1.4.8)
    meta_request (0.2.7)
      callsite
      rack-contrib
      railties
    metaclass (0.0.1)
    method_source (0.8.1)
    mime-types (1.23)
    mini_portile (0.5.0)
    mocha (0.14.0)
      metaclass (~> 0.0.1)
    multi_json (1.7.7)
    mysql2 (0.3.11)
    net-ldap (0.3.1)
    nokogiri (1.6.0)
      mini_portile (~> 0.5.0)
    polyglot (0.3.3)
    posix-spawn (0.3.6)
    pry (0.9.12.2)
      coderay (~> 1.0.5)
      method_source (~> 0.8)
      slop (~> 3.4)
    pry-debugger (0.2.2)
      debugger (~> 1.3)
      pry (~> 0.9.10)
    pry-doc (0.4.6)
      pry (>= 0.9)
      yard (>= 0.8)
    pry-git (0.2.3)
      diffy
      grit
      pry (>= 0.9.8)
    pry-rails (0.3.1)
      pry (>= 0.9.10)
    pry-remote (0.1.7)
      pry (~> 0.9)
      slop (~> 3.0)
    pry-stack_explorer (0.4.9)
      binding_of_caller (>= 0.7)
      pry (~> 0.9.11)
    rack (1.4.5)
    rack-cache (1.2)
      rack (>= 0.4)
    rack-contrib (1.1.0)
      rack (>= 0.9.1)
    rack-openid (1.3.1)
      rack (>= 1.1.0)
      ruby-openid (>= 2.1.8)
    rack-ssl (1.3.3)
      rack
    rack-test (0.6.2)
      rack (>= 1.0)
    rails (3.2.13)
      actionmailer (= 3.2.13)
      actionpack (= 3.2.13)
      activerecord (= 3.2.13)
      activeresource (= 3.2.13)
      activesupport (= 3.2.13)
      bundler (~> 1.0)
      railties (= 3.2.13)
    railties (3.2.13)
      actionpack (= 3.2.13)
      activesupport (= 3.2.13)
      rack-ssl (~> 1.3.2)
      rake (>= 0.8.7)
      rdoc (~> 3.4)
      thor (>= 0.14.6, < 2.0)
    rake (10.1.0)
    rdoc (3.12.2)
      json (~> 1.4)
    rmagick (2.13.2)
    ruby-openid (2.1.8)
    rubyzip (0.9.9)
    selenium-webdriver (2.33.0)
      childprocess (>= 0.2.5)
      multi_json (~> 1.0)
      rubyzip
      websocket (~> 1.0.4)
    shoulda (3.3.2)
      shoulda-context (~> 1.0.1)
      shoulda-matchers (~> 1.4.1)
    shoulda-context (1.0.2)
    shoulda-matchers (1.4.1)
      activesupport (>= 3.0.0)
    slop (3.4.5)
    sprockets (2.2.2)
      hike (~> 1.2)
      multi_json (~> 1.0)
      rack (~> 1.0)
      tilt (~> 1.1, != 1.3.0)
    thor (0.18.1)
    tilt (1.4.1)
    treetop (1.4.14)
      polyglot
      polyglot (>= 0.3.1)
    tzinfo (0.3.37)
    websocket (1.0.7)
    xpath (2.0.0)
      nokogiri (~> 1.3)
    yard (0.8.6.2)

PLATFORMS
  ruby

DEPENDENCIES
  activerecord-jdbc-adapter (= 1.2.5)
  activerecord-jdbcmysql-adapter
  better_errors
  binding_of_caller
  builder (= 3.0.0)
  capybara (~> 2.1.0)
  coderay (~> 1.0.9)
  database_cleaner
  fastercsv (~> 1.5.0)
  i18n (~> 0.6.0)
  jazz_hands
  jquery-rails (~> 2.0.2)
  meta_request
  mocha (>= 0.14)
  mysql2 (~> 0.3.11)
  net-ldap (~> 0.3.1)
  rack-openid
  rails (= 3.2.13)
  rdoc (>= 2.4.2)
  rmagick (>= 2.0.0)
  ruby-openid (~> 2.1.4)
  selenium-webdriver
  shoulda (~> 3.3.2)
  yard
